GEM
  remote: http://rubygems.org/
  specs:
    activesupport (5.1.2)
      concurrent-ruby (~> 1.0, >= 1.0.2)
      i18n (~> 0.7)
      minitest (~> 5.1)
      tzinfo (~> 1.1)
    concurrent-ruby (1.0.5)
    i18n (0.8.6)
    minitest (5.10.2)
    thread_safe (0.3.6)
    tzinfo (1.2.3)
      thread_safe (~> 0.1)
    yt (0.28.5)
      activesupport

PLATFORMS
  ruby

DEPENDENCIES
  yt (~> 0.28.0)

RUBY VERSION
   ruby 2.3.3p222

BUNDLED WITH
   1.13.7
