GEM
  remote: http://rubygems.org/
  specs:
    activesupport (5.2.5)
      concurrent-ruby (~> 1.0, >= 1.0.2)
      i18n (>= 0.7, < 2)
      minitest (~> 5.1)
      tzinfo (~> 1.1)
    concurrent-ruby (1.1.8)
    i18n (1.8.10)
      concurrent-ruby (~> 1.0)
    minitest (5.14.4)
    thread_safe (0.3.6)
    tzinfo (1.2.9)
      thread_safe (~> 0.1)
    yt (0.28.5)
      activesupport

PLATFORMS
  ruby

DEPENDENCIES
  yt (~> 0.28.0)

RUBY VERSION
   ruby 2.3.3p222

BUNDLED WITH
   1.13.7
