GEM
  remote: http://rubygems.org/
  specs:
    activesupport (5.0.1)
      concurrent-ruby (~> 1.0, >= 1.0.2)
      i18n (~> 0.7)
      minitest (~> 5.1)
      tzinfo (~> 1.1)
    concurrent-ruby (1.0.4)
    i18n (0.7.0)
    minitest (5.10.1)
    thread_safe (0.3.5)
    tzinfo (1.2.2)
      thread_safe (~> 0.1)
    yt (0.28.3)
      activesupport

PLATFORMS
  ruby

DEPENDENCIES
  yt (~> 0.28.0)

RUBY VERSION
   ruby 2.3.3p222

BUNDLED WITH
   1.13.7
